PATH
  remote: .
  specs:
    opskeleton (0.10.0)
      aws-sdk (~> 2)
      bintray_deploy
      git
      git_clone_url (~> 1.0)
      net-scp
      thor

GEM
  remote: https://rubygems.org/
  specs:
    asciidoctor (1.5.6.1)
    aws-sdk (2.10.82)
      aws-sdk-resources (= 2.10.82)
    aws-sdk-core (2.10.82)
      aws-sigv4 (~> 1.0)
      jmespath (~> 1.0)
    aws-sdk-resources (2.10.82)
      aws-sdk-core (= 2.10.82)
    aws-sigv4 (1.0.2)
    bintray_deploy (0.0.4)
      configuration
      rest-client
      thor
    coderay (1.1.2)
    configuration (1.3.4)
    diff-lcs (1.3)
    domain_name (0.5.20170404)
      unf (>= 0.0.5, < 1.0.0)
    facter (2.5.1)
    faraday (0.9.2)
      multipart-post (>= 1.2, < 3)
    faraday_middleware (0.10.1)
      faraday (>= 0.7.4, < 1.0)
    fast_gettext (1.1.0)
    ffi (1.9.18)
    formatador (0.2.5)
    gettext (3.2.4)
      locale (>= 2.0.5)
      text (>= 1.3.0)
    gettext-setup (0.28)
      fast_gettext (~> 1.1.0)
      gettext (>= 3.0.2)
      locale
    git (1.3.0)
    git_clone_url (1.0.1)
      uri-ssh_git (>= 1.0, < 2.0)
    guard (2.13.0)
      formatador (>= 0.2.4)
      listen (>= 2.7, <= 4.0)
      lumberjack (~> 1.0)
      nenv (~> 0.1)
      notiffany (~> 0.0)
      pry (>= 0.9.12)
      shellany (~> 0.0)
      thor (>= 0.18.1)
    guard-compat (1.2.1)
    guard-minitest (2.4.6)
      guard-compat (~> 1.2)
      minitest (>= 3.0)
    guard-shell (0.7.1)
      guard (>= 2.0.0)
      guard-compat (~> 1.0)
    hiera (3.4.2)
    http-cookie (1.0.3)
      domain_name (~> 0.5)
    jmespath (1.3.1)
    json_pure (1.8.6)
    librarian-puppet (2.1.0)
      librarianp (>= 0.5.1)
      puppet_forge
      rsync
    librarianp (0.6.4)
      thor (~> 0.15)
    listen (3.0.8)
      rb-fsevent (~> 0.9, >= 0.9.4)
      rb-inotify (~> 0.9, >= 0.9.7)
    locale (2.1.2)
    lumberjack (1.0.12)
    metaclass (0.0.4)
    method_source (0.9.0)
    mime-types (3.1)
      mime-types-data (~> 3.2015)
    mime-types-data (3.2016.0521)
    minitar (0.6.1)
    minitest (5.10.3)
    mocha (1.3.0)
      metaclass (~> 0.0.1)
    multi_json (1.12.2)
    multipart-post (2.0.0)
    nenv (0.3.0)
    net-scp (1.2.1)
      net-ssh (>= 2.6.5)
    net-ssh (4.2.0)
    netrc (0.11.0)
    notiffany (0.1.1)
      nenv (~> 0.1)
      shellany (~> 0.0)
    pry (0.11.2)
      coderay (~> 1.1.0)
      method_source (~> 0.9.0)
    puppet (4.10.8)
      facter (> 2.0, < 4)
      gettext-setup (>= 0.10, < 1)
      hiera (>= 2.0, < 4)
      json_pure (~> 1.8)
      locale (~> 2.1)
    puppet-lint (2.3.3)
    puppet-syntax (2.4.1)
      rake
    puppet_forge (2.2.8)
      faraday (~> 0.9.0)
      faraday_middleware (>= 0.9.0, < 0.11.0)
      gettext-setup (~> 0.11)
      minitar
      semantic_puppet (~> 1.0)
    puppetlabs_spec_helper (2.4.0)
      mocha (~> 1.0)
      puppet-lint (~> 2.0)
      puppet-syntax (~> 2.0)
      rspec-puppet (~> 2.0)
    pygments.rb (1.2.0)
      multi_json (>= 1.0.0)
    rake (12.2.1)
    rb-fsevent (0.10.2)
    rb-inotify (0.9.10)
      ffi (>= 0.5.0, < 2)
    rest-client (2.0.2)
      http-cookie (>= 1.0.2, < 2.0)
      mime-types (>= 1.16, < 4.0)
      netrc (~> 0.8)
    rspec (3.7.0)
      rspec-core (~> 3.7.0)
      rspec-expectations (~> 3.7.0)
      rspec-mocks (~> 3.7.0)
    rspec-core (3.7.0)
      rspec-support (~> 3.7.0)
    rspec-expectations (3.7.0)
      diff-lcs (>= 1.2.0, < 2.0)
      rspec-support (~> 3.7.0)
    rspec-mocks (3.7.0)
      diff-lcs (>= 1.2.0, < 2.0)
      rspec-support (~> 3.7.0)
    rspec-puppet (2.6.9)
      rspec
    rspec-support (3.7.0)
    rsync (1.0.9)
    semantic_puppet (1.0.1)
      gettext-setup (>= 0.3)
    shellany (0.0.1)
    text (1.3.1)
    thor (0.20.0)
    unf (0.1.4)
      unf_ext
    unf_ext (0.0.7.4)
    uri-ssh_git (1.0.0)

PLATFORMS
  ruby

DEPENDENCIES
  asciidoctor
  guard (= 2.13.0)
  guard-minitest
  guard-shell
  librarian-puppet (= 2.1.0)
  opskeleton!
  puppet (= 4.10.8)
  puppetlabs_spec_helper (>= 0.1.0)
  pygments.rb
  rspec-puppet

BUNDLED WITH
   1.14.3
